GEM
  remote: https://rubygems.org/
  specs:
    callbacks_attachable (2.3.1)
    chunky_png (1.4.0)
    evdev (1.0.0)
      callbacks_attachable (~> 2.3)
      libevdev (~> 1.0)
    ffi (1.16.3)
    libevdev (1.0.0)
      linux_input (~> 1.0)
    linux_input (1.1.1)
      ffi (~> 1.9)
    logger (1.5.3)
    rqrcode (2.2.0)
      chunky_png (~> 1.0)
      rqrcode_core (~> 1.0)
    rqrcode_core (1.2.0)

PLATFORMS
  arm64-darwin-22

DEPENDENCIES
  evdev
  logger
  rqrcode

BUNDLED WITH
   2.4.17
